PATH
  remote: .
  specs:
    playmobil (0.0.1)
      gstreamer (~> 2.2.3)
      gtk2 (~> 2.2.3)

GEM
  remote: https://rubygems.org/
  specs:
    atk (2.2.3)
      glib2 (= 2.2.3)
    cairo (1.14.0)
      pkg-config (>= 1.1.5)
    diff-lcs (1.2.5)
    gdk_pixbuf2 (2.2.3)
      glib2 (= 2.2.3)
    glib2 (2.2.3)
      pkg-config
    gobject-introspection (2.2.3)
      glib2 (= 2.2.3)
    gstreamer (2.2.3)
      glib2 (= 2.2.3)
      gobject-introspection (= 2.2.3)
    gtk2 (2.2.3)
      atk (= 2.2.3)
      gdk_pixbuf2 (= 2.2.3)
      pango (= 2.2.3)
    pango (2.2.3)
      cairo (>= 1.12.5)
      glib2 (= 2.2.3)
    pkg-config (1.1.6)
    rake (10.3.2)
    rspec (3.1.0)
      rspec-core (~> 3.1.0)
      rspec-expectations (~> 3.1.0)
      rspec-mocks (~> 3.1.0)
    rspec-core (3.1.7)
      rspec-support (~> 3.1.0)
    rspec-expectations (3.1.2)
      diff-lcs (>= 1.2.0, < 2.0)
      rspec-support (~> 3.1.0)
    rspec-mocks (3.1.3)
      rspec-support (~> 3.1.0)
    rspec-support (3.1.2)

PLATFORMS
  ruby

DEPENDENCIES
  bundler (~> 1.7)
  playmobil!
  rake (~> 10.0)
  rspec
